GEM
  remote: https://rubygems.org/
  specs:
    builder (3.2.4)
    sitemap_generator (6.3.0)
      builder (~> 3.0)

PLATFORMS
  arm64-darwin-21

DEPENDENCIES
  sitemap_generator (~> 6.3)

BUNDLED WITH
   2.3.23
